PATH
  remote: .
  specs:
    pdf_builder (0.0.0)

GEM
  remote: https://rubygems.org/
  specs:
    diff-lcs (1.5.1)
    rake (10.5.0)
    rspec (3.13.0)
      rspec-core (~> 3.13.0)
      rspec-expectations (~> 3.13.0)
      rspec-mocks (~> 3.13.0)
    rspec-core (3.13.2)
      rspec-support (~> 3.13.0)
    rspec-expectations (3.13.3)
      diff-lcs (>= 1.2.0, < 2.0)
      rspec-support (~> 3.13.0)
    rspec-mocks (3.13.2)
      diff-lcs (>= 1.2.0, < 2.0)
      rspec-support (~> 3.13.0)
    rspec-support (3.13.2)

PLATFORMS
  arm64-darwin-24
  ruby

DEPENDENCIES
  bundler (~> 2.3)
  pdf_builder!
  rake (~> 10.0)
  rspec (~> 3.0)

BUNDLED WITH
   2.5.23
